ObjectType = Image
NDims = 2
BinaryData = True
BinaryDataByteOrderMSB = False
CompressedData = False
TransformMatrix = 1 0 0 1
Offset = -110.882 -121.619
CenterOfRotation = 0 0 0
AnatomicalOrientation = RAI
ElementSpacing = 0.449219 0.449219
DimSize = 512 512
ElementType = MET_SHORT
ElementDataFile = MR_Head_Patient1.raw
