ObjectType = Image
NDims = 3
BinaryData = True
BinaryDataByteOrderMSB = False
CompressedData = False
TransformMatrix = 1 0 0 0 1 0 0 0 1
Offset = 93.75 176.758 359.7
CenterOfRotation = 0 0 0
AnatomicalOrientation = RAI
ElementSpacing = 0.976562 0.976562 3.27
DimSize = 304 225 70
ElementType = MET_SHORT
ElementDataFile = YUCHANGHUA_Thrx_CT.raw
